PATH
  remote: .
  specs:
    mt940 (0.8.0)

GEM
  remote: https://rubygems.org/
  specs:
    activesupport (6.0.3.1)
      concurrent-ruby (~> 1.0, >= 1.0.2)
      i18n (>= 0.7, < 2)
      minitest (~> 5.1)
      tzinfo (~> 1.1)
      zeitwerk (~> 2.2, >= 2.2.2)
    ast (2.4.0)
    codeclimate-test-reporter (1.0.9)
      simplecov (<= 0.13)
    concurrent-ruby (1.1.6)
    docile (1.1.5)
    i18n (1.8.2)
      concurrent-ruby (~> 1.0)
    jaro_winkler (1.5.3)
    json (2.2.0)
    minitest (5.14.1)
    parallel (1.17.0)
    parser (2.6.3.0)
      ast (~> 2.4.0)
    power_assert (1.1.4)
    rainbow (3.0.0)
    rake (12.3.3)
    rubocop (0.74.0)
      jaro_winkler (~> 1.5.1)
      parallel (~> 1.10)
      parser (>= 2.6)
      rainbow (>= 2.2.2, < 4.0)
      ruby-progressbar (~> 1.7)
      unicode-display_width (>= 1.4.0, < 1.7)
    ruby-progressbar (1.10.1)
    shoulda (3.6.0)
      shoulda-context (~> 1.0, >= 1.0.1)
      shoulda-matchers (~> 3.0)
    shoulda-context (1.2.2)
    shoulda-matchers (3.1.3)
      activesupport (>= 4.0.0)
    simplecov (0.13.0)
      docile (~> 1.1.0)
      json (>= 1.8, < 3)
      simplecov-html (~> 0.10.0)
    simplecov-html (0.10.2)
    test-unit (3.3.3)
      power_assert
    thread_safe (0.3.6)
    tzinfo (1.2.7)
      thread_safe (~> 0.1)
    unicode-display_width (1.6.0)
    zeitwerk (2.3.0)

PLATFORMS
  ruby

DEPENDENCIES
  codeclimate-test-reporter
  mt940!
  rake (~> 12.3.3)
  rubocop (~> 0.74.0)
  shoulda (~> 3.6.0)
  test-unit (~> 3.3.3)

RUBY VERSION
   ruby 2.6.3p62

BUNDLED WITH
   2.0.2
